PATH
  remote: .
  specs:
    rctl (1.0.0)
      rake

GEM
  remote: https://rubygems.org/
  specs:
    ffi (1.0.11)
    growl (1.0.3)
    guard (1.0.3)
      ffi (>= 0.5.0)
      thor (>= 0.14.6)
    guard-minitest (0.5.0)
      guard (>= 0.4)
    rake (0.9.2.2)
    thor (0.15.2)

PLATFORMS
  ruby

DEPENDENCIES
  growl
  guard
  guard-minitest
  rctl!
